GEM
  remote: https://rubygems.org/
  specs:
    git-version-bump (0.15.1)
    hipchat (1.5.4)
      httparty
      mimemagic
    httparty (0.14.0)
      multi_xml (>= 0.5.2)
    json (2.0.2)
    mimemagic (0.3.2)
    multi_xml (0.6.0)
    rack (1.6.5)
    rack-contrib (1.4.0)
      git-version-bump (~> 0.15)
      rack (~> 1.4)
    rack-protection (1.5.3)
      rack
    sinatra (1.4.7)
      rack (~> 1.5)
      rack-protection (~> 1.4)
      tilt (>= 1.3, < 3)
    tilt (2.0.5)

PLATFORMS
  ruby

DEPENDENCIES
  hipchat
  json
  rack
  rack-contrib
  sinatra

BUNDLED WITH
   1.13.7
